PATH
  remote: .
  specs:
    monkey_butler (0.0.1)
      rugged (~> 0.19.0)
      thor (~> 0.19.1)

GEM
  remote: https://rubygems.org/
  specs:
    columnize (0.8.9)
    debugger (1.6.6)
      columnize (>= 0.3.1)
      debugger-linecache (~> 1.2.0)
      debugger-ruby_core_source (~> 1.3.2)
    debugger-linecache (1.2.0)
    debugger-ruby_core_source (1.3.5)
    diff-lcs (1.2.5)
    docile (1.1.3)
    multi_json (1.10.1)
    rake (10.3.2)
    rspec (2.14.1)
      rspec-core (~> 2.14.0)
      rspec-expectations (~> 2.14.0)
      rspec-mocks (~> 2.14.0)
    rspec-core (2.14.8)
    rspec-expectations (2.14.5)
      diff-lcs (>= 1.1.3, < 2.0)
    rspec-mocks (2.14.6)
    rugged (0.19.0)
    simplecov (0.8.2)
      docile (~> 1.1.0)
      multi_json
      simplecov-html (~> 0.8.0)
    simplecov-html (0.8.0)
    thor (0.19.1)

PLATFORMS
  ruby

DEPENDENCIES
  bundler (~> 1.6)
  debugger (~> 1.6.6)
  monkey_butler!
  rake
  rspec (~> 2.14.1)
  simplecov (~> 0.8.2)
